PATH
  remote: .
  specs:
    fast_record (0.1.0)
      rb_sys (~> 0.9)

GEM
  remote: https://rubygems.org/
  specs:
    rake (13.2.1)
    rake-compiler (1.2.7)
      rake
    rb_sys (0.9.94)

PLATFORMS
  ruby
  x86_64-linux

DEPENDENCIES
  fast_record!
  rake (~> 13.0)
  rake-compiler (~> 1.2)

BUNDLED WITH
   2.5.3
